GEM
  remote: https://rubygems.org/
  specs:
    addressable (2.3.6)
    coffee-script (2.2.0)
      coffee-script-source
      execjs
    coffee-script-source (1.7.0)
    daemons (1.1.9)
    data_uri (0.1.0)
    em-websocket (0.3.8)
      addressable (>= 2.1.1)
      eventmachine (>= 0.12.9)
    eventmachine (1.0.3)
    execjs (2.1.0)
    json (1.8.1)
    rack (1.5.2)
    rack-protection (1.5.3)
      rack
    sass (3.3.2)
    sinatra (1.4.5)
      rack (~> 1.4)
      rack-protection (~> 1.4)
      tilt (~> 1.3, >= 1.3.4)
    sinatra-websocket (0.3.0)
      em-websocket (~> 0.3.6)
      eventmachine
      thin (>= 1.3.1)
    slim (1.3.9)
      temple (~> 0.6.3)
      tilt (~> 1.3, >= 1.3.3)
    temple (0.6.7)
    thin (1.6.2)
      daemons (>= 1.0.9)
      eventmachine (>= 1.0.0)
      rack (>= 1.0.0)
    tilt (1.4.1)

PLATFORMS
  ruby

DEPENDENCIES
  coffee-script
  data_uri
  json
  sass
  sinatra (~> 1.4.5)
  sinatra-websocket
  slim
  thin
  tilt
